GEM
  remote: https://rubygems.org/
  specs:
    gosu (0.9.2)
    gosu (0.9.2-x86-mingw32)

PLATFORMS
  ruby
  x86-mingw32

DEPENDENCIES
  gosu (~> 0.9.2)
